GEM
  remote: http://rubygems.org/
  specs:
    daemons (1.1.9)
    json (2.0.2)
    newrelic_plugin (1.3.1)
      json

PLATFORMS
  ruby

DEPENDENCIES
  daemons
  newrelic_plugin
